GEM
  remote: https://rubygems.org/
  specs:
    coderay (1.1.0)
    method_source (0.8.2)
    mime-types (2.4.3)
    mini_portile (0.6.2)
    netrc (0.10.3)
    nokogiri (1.6.6.2)
      mini_portile (~> 0.6.0)
    pry (0.10.1)
      coderay (~> 1.1.0)
      method_source (~> 0.8.1)
      slop (~> 3.4)
    rack (1.6.0)
    rack-protection (1.5.3)
      rack
    rest-client (1.7.3)
      mime-types (>= 1.16, < 3.0)
      netrc (~> 0.7)
    sinatra (1.4.6)
      rack (~> 1.4)
      rack-protection (~> 1.4)
      tilt (>= 1.3, < 3)
    slim (3.0.3)
      temple (~> 0.7.3)
      tilt (>= 1.3.3, < 2.1)
    slop (3.6.0)
    temple (0.7.5)
    tilt (2.0.1)

PLATFORMS
  ruby

DEPENDENCIES
  nokogiri
  pry
  rest-client
  sinatra
  slim
